GEM
  remote: https://rubygems.org/
  specs:
    activesupport (4.2.3)
      i18n (~> 0.7)
      json (~> 1.7, >= 1.7.7)
      minitest (~> 5.1)
      thread_safe (~> 0.3, >= 0.3.4)
      tzinfo (~> 1.1)
    builder (3.2.2)
    cdq (1.0.6)
      motion-yaml (>= 1.4)
      ruby-xcdm (>= 0.0.9)
    claide (0.9.1)
    colored (1.2)
    i18n (0.7.0)
    ib (0.7.2)
      thor (~> 0.15.4)
      tilt (~> 1.4.1)
      xcodeproj (~> 0.17)
    json (1.8.3)
    minitest (5.7.0)
    motion-yaml (1.5.3)
    plist (3.1.0)
    rake (10.4.2)
    ruby-xcdm (0.0.9)
      activesupport (~> 4.1)
      builder (~> 3.2)
      plist (~> 3.1)
    thor (0.15.4)
    thread_safe (0.3.5)
    tilt (1.4.1)
    tzinfo (1.2.2)
      thread_safe (~> 0.1)
    xcodeproj (0.26.1)
      activesupport (>= 3)
      claide (~> 0.9.1)
      colored (~> 1.2)

PLATFORMS
  ruby

DEPENDENCIES
  cdq
  ib
  rake
